GEM
  remote: https://rubygems.org/
  specs:
    coderay (1.1.3)
    excon (0.110.0)
    method_source (1.1.0)
    pry (0.14.2)
      coderay (~> 1.1)
      method_source (~> 1.0)

PLATFORMS
  arm64-darwin-21

DEPENDENCIES
  excon
  pry

BUNDLED WITH
   2.3.9
